GEM
  remote: https://rubygems.org/
  specs:
    ffi (1.11.1-x64-mingw32)
    win32-eventlog (0.6.7)
      ffi

PLATFORMS
  x64-mingw32

DEPENDENCIES
  win32-eventlog

BUNDLED WITH
   1.16.2
